PATH
  remote: .
  specs:
    rhosync (3.0.0)
      bundler (~> 1.0)
      json (~> 1.4.2)
      rake (= 0.9.2)
      redis (~> 2.1.1)
      resque (~> 1.14.0)
      rest-client (~> 1.6.1)
      rubyzip (~> 0.9.4)
      sinatra (~> 1.2)
      templater (~> 1.0.0)
      uuidtools (>= 2.1.1)

GEM
  remote: http://rubygems.org/
  specs:
    addressable (2.2.6)
    bouncy-castle-java (1.5.0146.1)
    crack (0.1.8)
    dbd-jdbc (0.1.5)
    dbi (0.4.5)
      deprecated (= 2.0.1)
    deprecated (2.0.1)
    diff-lcs (1.1.2)
    extlib (0.9.15)
    faker (0.9.5)
      i18n (~> 0.4)
    highline (1.6.2)
    i18n (0.6.0)
    jdbc-sqlite3 (3.6.14.2.056-java)
    jruby-jars (1.6.2)
    jruby-openssl (0.7.4)
      bouncy-castle-java
    jruby-rack (1.0.9)
    json (1.4.6)
    mime-types (1.16)
    rack (1.3.0)
    rack-test (0.6.0)
      rack (>= 1.0)
    rake (0.9.2)
    rcov (0.9.9)
    rcov (0.9.9-java)
    redis (2.1.1)
    redis-namespace (1.0.3)
      redis (< 3.0.0)
    resque (1.14.0)
      json (~> 1.4.6)
      redis-namespace (>= 0.10.0)
      sinatra (>= 0.9.2)
      vegas (~> 0.1.2)
    rest-client (1.6.3)
      mime-types (>= 1.16)
    rspec (2.6.0)
      rspec-core (~> 2.6.0)
      rspec-expectations (~> 2.6.0)
      rspec-mocks (~> 2.6.0)
    rspec-core (2.6.4)
    rspec-expectations (2.6.0)
      diff-lcs (~> 1.1.2)
    rspec-mocks (2.6.0)
    rubyzip (0.9.4)
    sinatra (1.2.6)
      rack (~> 1.1)
      tilt (< 2.0, >= 1.2.2)
    sqlite3 (1.3.3)
    templater (1.0.0)
      diff-lcs (>= 1.1.2)
      extlib (>= 0.9.5)
      highline (>= 1.4.0)
    thor (0.14.6)
    tilt (1.3.2)
    trinidad (1.2.1)
      jruby-rack (>= 1.0.9)
      trinidad_jars (>= 1.0.1)
    trinidad_jars (1.0.1)
    uuidtools (2.1.2)
    vegas (0.1.8)
      rack (>= 1.0.0)
    warbler (1.3.0)
      jruby-jars (>= 1.4.0)
      jruby-rack (>= 1.0.0)
      rake (>= 0.8.7)
      rubyzip (>= 0.9.4)
    webmock (1.6.4)
      addressable (> 2.2.5, ~> 2.2)
      crack (>= 0.1.7)

PLATFORMS
  java
  ruby

DEPENDENCIES
  dbd-jdbc
  dbi
  faker (>= 0.3.1)
  jdbc-sqlite3
  jruby-openssl
  rack-test (>= 0.5.3)
  rcov (>= 0.9.8)
  rhosync!
  rspec (~> 2.6.0)
  sqlite3
  thor (>= 0.13.6)
  trinidad
  warbler
  webmock (~> 1.6.4)
