PATH
  remote: .
  specs:
    rhosync (2.2.0)
      bundler (~> 1.0)
      json (~> 1.4.2)
      rake (= 0.8.7)
      redis (~> 2.1.1)
      resque (~> 1.14.0)
      rest-client (~> 1.6.1)
      rubyzip (~> 0.9.4)
      sinatra (~> 1.2)
      sqlite3-ruby (~> 1.2.5)
      templater (~> 1.0.0)
      uuidtools (>= 2.1.1)
      webmock

GEM
  remote: http://rubygems.org/
  specs:
    addressable (2.2.6)
    crack (0.1.8)
    diff-lcs (1.1.2)
    extlib (0.9.15)
    faker (0.9.5)
      i18n (~> 0.4)
    highline (1.6.2)
    i18n (0.5.0)
    json (1.4.6)
    mime-types (1.16)
    rack (1.2.2)
    rack-test (0.5.7)
      rack (>= 1.0)
    rake (0.8.7)
    rcov (0.9.9)
    redis (2.1.1)
    redis-namespace (0.10.0)
      redis (< 3.0.0)
    resque (1.14.0)
      json (~> 1.4.6)
      redis-namespace (>= 0.10.0)
      sinatra (>= 0.9.2)
      vegas (~> 0.1.2)
    rest-client (1.6.1)
      mime-types (>= 1.16)
    rspec (2.5.0)
      rspec-core (~> 2.5.0)
      rspec-expectations (~> 2.5.0)
      rspec-mocks (~> 2.5.0)
    rspec-core (2.5.1)
    rspec-expectations (2.5.0)
      diff-lcs (~> 1.1.2)
    rspec-mocks (2.5.0)
    rubyzip (0.9.4)
    sinatra (1.2.6)
      rack (~> 1.1)
      tilt (< 2.0, >= 1.2.2)
    sqlite3-ruby (1.2.5)
    templater (1.0.0)
      diff-lcs (>= 1.1.2)
      extlib (>= 0.9.5)
      highline (>= 1.4.0)
    thor (0.14.6)
    tilt (1.3)
    uuidtools (2.1.2)
    vegas (0.1.8)
      rack (>= 1.0.0)
    webmock (1.6.2)
      addressable (>= 2.2.2)
      crack (>= 0.1.7)

PLATFORMS
  ruby

DEPENDENCIES
  faker (>= 0.3.1)
  rack-test (>= 0.5.3)
  rcov (>= 0.9.8)
  rhosync!
  rspec (~> 2.5.0)
  thor (>= 0.13.6)
