GEM
  remote: http://rubygems.org/
  specs:
    daemons (1.1.4)
    diff-lcs (1.1.2)
    eventmachine (0.12.10)
    extlib (0.9.15)
    highline (1.6.2)
    json (1.4.6)
    mime-types (1.16)
    rack (1.3.0)
    rack-test (0.6.0)
      rack (>= 1.0)
    rake (0.9.2)
    rcov (0.9.9)
    redis (2.2.1)
    redis-namespace (1.0.3)
      redis (< 3.0.0)
    resque (1.14.0)
      json (~> 1.4.6)
      redis-namespace (>= 0.10.0)
      sinatra (>= 0.9.2)
      vegas (~> 0.1.2)
    rest-client (1.6.3)
      mime-types (>= 1.16)
    rhosync (3.0.0)
      bundler (~> 1.0)
      json (~> 1.4.2)
      rake (= 0.9.2)
      redis (>= 2.2.0)
      resque (~> 1.14.0)
      rest-client (~> 1.6.1)
      rubyzip (~> 0.9.4)
      sinatra (~> 1.2)
      sqlite3 (>= 1.3.3)
      templater (~> 1.0.0)
      uuidtools (>= 2.1.1)
    rspec (2.6.0)
      rspec-core (~> 2.6.0)
      rspec-expectations (~> 2.6.0)
      rspec-mocks (~> 2.6.0)
    rspec-core (2.6.4)
    rspec-expectations (2.6.0)
      diff-lcs (~> 1.1.2)
    rspec-mocks (2.6.0)
    rubyzip (0.9.4)
    sinatra (1.2.6)
      rack (~> 1.1)
      tilt (< 2.0, >= 1.2.2)
    sqlite3 (1.3.3)
    templater (1.0.0)
      diff-lcs (>= 1.1.2)
      extlib (>= 0.9.5)
      highline (>= 1.4.0)
    thin (1.2.11)
      daemons (>= 1.0.9)
      eventmachine (>= 0.12.6)
      rack (>= 1.0.0)
    tilt (1.3.2)
    uuidtools (2.1.2)
    vegas (0.1.8)
      rack (>= 1.0.0)

PLATFORMS
  ruby

DEPENDENCIES
  dbd-jdbc
  dbi
  jdbc-sqlite3
  jruby-openssl
  rack-test (>= 0.5.3)
  rcov (>= 0.9.8)
  rhosync (= 3.0.0)
  rspec (~> 2.6.0)
  sqlite3
  thin (= 1.2.11)
  trinidad
  warbler
