GEM
  remote: http://rubygems.org/
  specs:
    bouncy-castle-java (1.5.0146.1)
    daemons (1.1.4)
    dbd-jdbc (0.1.4)
    dbi (0.4.5)
      deprecated (= 2.0.1)
    deprecated (2.0.1)
    diff-lcs (1.1.2)
    eventmachine (0.12.10)
    extlib (0.9.15)
    highline (1.6.2)
    jdbc-sqlite3 (3.7.2)
    jruby-jars (1.6.2)
    jruby-openssl (0.7.4)
      bouncy-castle-java
    jruby-rack (1.0.9)
    json (1.4.6)
    json (1.4.6-java)
    mime-types (1.16)
    rack (1.3.0)
    rack-test (0.6.0)
      rack (>= 1.0)
    rake (0.9.2)
    rcov (0.9.9)
    rcov (0.9.9-java)
    redis (2.2.1)
    redis-namespace (1.0.3)
      redis (< 3.0.0)
    resque (1.14.0)
      json (~> 1.4.6)
      redis-namespace (>= 0.10.0)
      sinatra (>= 0.9.2)
      vegas (~> 0.1.2)
    rest-client (1.6.3)
      mime-types (>= 1.16)
    rhosync (3.0.0)
      bundler (~> 1.0)
      json (~> 1.4.2)
      rake (= 0.9.2)
      redis (>= 2.2.0)
      resque (~> 1.14.0)
      rest-client (~> 1.6.1)
      rubyzip (~> 0.9.4)
      sinatra (~> 1.2)
      sqlite3-ruby (>= 1.2.5)
      templater (~> 1.0.0)
      uuidtools (>= 2.1.1)
    rspec (2.6.0)
      rspec-core (~> 2.6.0)
      rspec-expectations (~> 2.6.0)
      rspec-mocks (~> 2.6.0)
    rspec-core (2.6.4)
    rspec-expectations (2.6.0)
      diff-lcs (~> 1.1.2)
    rspec-mocks (2.6.0)
    rubyzip (0.9.4)
    sinatra (1.2.6)
      rack (~> 1.1)
      tilt (< 2.0, >= 1.2.2)
    sqlite3 (1.3.3)
    sqlite3-ruby (1.3.3)
      sqlite3 (>= 1.3.3)
    templater (1.0.0)
      diff-lcs (>= 1.1.2)
      extlib (>= 0.9.5)
      highline (>= 1.4.0)
    thin (1.2.11)
      daemons (>= 1.0.9)
      eventmachine (>= 0.12.6)
      rack (>= 1.0.0)
    tilt (1.3.2)
    trinidad (1.2.1)
      jruby-rack (>= 1.0.9)
      trinidad_jars (>= 1.0.1)
    trinidad_jars (1.0.1)
    uuidtools (2.1.2)
    vegas (0.1.8)
      rack (>= 1.0.0)
    warbler (1.3.0)
      jruby-jars (>= 1.4.0)
      jruby-rack (>= 1.0.0)
      rake (>= 0.8.7)
      rubyzip (>= 0.9.4)

PLATFORMS
  java
  ruby

DEPENDENCIES
  dbd-jdbc
  dbi
  jdbc-sqlite3
  jruby-openssl
  rack-test (>= 0.5.3)
  rcov (>= 0.9.8)
  rhosync (>= 3.0.0)
  rspec (~> 2.6.0)
  sqlite3
  thin (= 1.2.11)
  trinidad
  warbler
